GIT
  remote: https://github.com/sferik/twitter
  revision: 035fe9eaffddca2c1c81b2a3b7c5775c80f762e6
  specs:
    twitter (5.0.0.rc.1)
      buftok (~> 0.1.0)
      descendants_tracker (~> 0.0.1)
      equalizer (~> 0.0.7)
      faraday (>= 0.8, < 0.10)
      http (~> 0.5.0)
      http_parser.rb (~> 0.5.0)
      json (~> 1.8)
      simple_oauth (~> 0.2.0)
      thread_safe (~> 0.1.3)

GEM
  remote: https://rubygems.org/
  specs:
    actionmailer (3.2.14)
      actionpack (= 3.2.14)
      mail (~> 2.5.4)
    actionpack (3.2.14)
      activemodel (= 3.2.14)
      activesupport (= 3.2.14)
      builder (~> 3.0.0)
      erubis (~> 2.7.0)
      journey (~> 1.0.4)
      rack (~> 1.4.5)
      rack-cache (~> 1.2)
      rack-test (~> 0.6.1)
      sprockets (~> 2.2.1)
    activemodel (3.2.14)
      activesupport (= 3.2.14)
      builder (~> 3.0.0)
    activerecord (3.2.14)
      activemodel (= 3.2.14)
      activesupport (= 3.2.14)
      arel (~> 3.0.2)
      tzinfo (~> 0.3.29)
    activerecord-mysql-adapter (0.0.1)
      activerecord (>= 3.2.9)
      activesupport (>= 3.2.9)
      mysql (>= 2.9.0)
    activeresource (3.2.14)
      activemodel (= 3.2.14)
      activesupport (= 3.2.14)
    activesupport (3.2.14)
      i18n (~> 0.6, >= 0.6.4)
      multi_json (~> 1.0)
    addressable (2.3.5)
    anjlab-bootstrap-rails (2.3.0.0)
      railties (>= 3.0)
      sass (>= 3.2)
    arel (3.0.2)
    atomic (1.1.14)
    awesome_print (1.2.0)
    bcrypt-ruby (3.0.1)
    bourbon (3.1.8)
      sass (>= 3.2.0)
      thor
    buftok (0.1)
    builder (3.0.4)
    capistrano (2.15.5)
      highline
      net-scp (>= 1.0.0)
      net-sftp (>= 2.0.0)
      net-ssh (>= 2.0.14)
      net-ssh-gateway (>= 1.1.0)
    capistrano-ext (1.2.1)
      capistrano (>= 1.0.0)
    chronic (0.10.2)
    daemons (1.1.9)
    descendants_tracker (0.0.3)
    diff-lcs (1.2.4)
    equalizer (0.0.7)
    erubis (2.7.0)
    eventmachine (1.0.3)
    exception_notification (4.0.1)
      actionmailer (>= 3.0.4)
      activesupport (>= 3.0.4)
    execjs (2.0.2)
    fabrication (2.8.1)
    faraday (0.8.8)
      multipart-post (~> 1.2.0)
    highline (1.6.19)
    hike (1.2.3)
    http (0.5.0)
      http_parser.rb
    http_parser.rb (0.5.3)
    i18n (0.6.5)
    journey (1.0.4)
    jquery-rails (3.0.4)
      railties (>= 3.0, < 5.0)
      thor (>= 0.14, < 2.0)
    json (1.8.0)
    kaminari (0.14.1)
      actionpack (>= 3.0.0)
      activesupport (>= 3.0.0)
    koala (1.6.0)
      addressable (~> 2.2)
      faraday (~> 0.8)
      multi_json (~> 1.3)
    libv8 (3.16.14.3)
    mail (2.5.4)
      mime-types (~> 1.16)
      treetop (~> 1.4.8)
    mime-types (1.25)
    mini_portile (0.5.1)
    mobileesp_converted (0.2.2)
    mobvious (0.3.2)
      mobileesp_converted (~> 0.2.0)
      rack (>= 1.1.0)
    mobvious-rails (0.1.2)
      activesupport
      mobvious
    multi_json (1.8.0)
    multipart-post (1.2.0)
    mysql (2.9.1)
    mysql2 (0.3.13)
    net-scp (1.1.2)
      net-ssh (>= 2.6.5)
    net-sftp (2.1.2)
      net-ssh (>= 2.6.5)
    net-ssh (2.7.0)
    net-ssh-gateway (1.2.0)
      net-ssh (>= 2.6.5)
    nokogiri (1.6.0)
      mini_portile (~> 0.5.0)
    polyglot (0.3.3)
    rack (1.4.5)
    rack-cache (1.2)
      rack (>= 0.4)
    rack-protection (1.5.0)
      rack
    rack-ssl (1.3.3)
      rack
    rack-test (0.6.2)
      rack (>= 1.0)
    rails (3.2.14)
      actionmailer (= 3.2.14)
      actionpack (= 3.2.14)
      activerecord (= 3.2.14)
      activeresource (= 3.2.14)
      activesupport (= 3.2.14)
      bundler (~> 1.0)
      railties (= 3.2.14)
    railties (3.2.14)
      actionpack (= 3.2.14)
      activesupport (= 3.2.14)
      rack-ssl (~> 1.3.2)
      rake (>= 0.8.7)
      rdoc (~> 3.4)
      thor (>= 0.14.6, < 2.0)
    rake (10.1.0)
    rdoc (3.12.2)
      json (~> 1.4)
    ref (1.0.5)
    rinku (1.7.3)
    rspec-core (2.14.5)
    rspec-expectations (2.14.3)
      diff-lcs (>= 1.1.3, < 2.0)
    rspec-mocks (2.14.3)
    rspec-rails (2.14.0)
      actionpack (>= 3.0)
      activesupport (>= 3.0)
      railties (>= 3.0)
      rspec-core (~> 2.14.0)
      rspec-expectations (~> 2.14.0)
      rspec-mocks (~> 2.14.0)
    sanitize (2.0.6)
      nokogiri (>= 1.4.4)
    sass (3.2.11)
    sass-rails (3.2.6)
      railties (~> 3.2.0)
      sass (>= 3.1.10)
      tilt (~> 1.3)
    simple_oauth (0.2.0)
    spork (0.9.2)
    sprockets (2.2.2)
      hike (~> 1.2)
      multi_json (~> 1.0)
      rack (~> 1.0)
      tilt (~> 1.1, != 1.3.0)
    therubyracer (0.12.0)
      libv8 (~> 3.16.14.0)
      ref
    thin (1.5.1)
      daemons (>= 1.0.9)
      eventmachine (>= 0.12.6)
      rack (>= 1.0.0)
    thor (0.18.1)
    thread_safe (0.1.3)
      atomic
    tilt (1.4.1)
    treetop (1.4.15)
      polyglot
      polyglot (>= 0.3.1)
    turbo-sprockets-rails3 (0.3.10)
      railties (> 3.2.8, < 4.0.0)
      sprockets (>= 2.0.0)
    tzinfo (0.3.37)
    uglifier (2.2.1)
      execjs (>= 0.3.0)
      multi_json (~> 1.0, >= 1.0.2)
    whenever (0.8.4)
      activesupport (>= 2.3.4)
      chronic (>= 0.6.3)
    yajl-ruby (1.1.0)

PLATFORMS
  ruby

DEPENDENCIES
  activerecord-mysql-adapter
  anjlab-bootstrap-rails (= 2.3.0.0)
  awesome_print
  bcrypt-ruby (~> 3.0.0)
  bourbon
  capistrano
  capistrano-ext
  exception_notification
  fabrication
  jquery-rails
  kaminari
  koala
  mobvious
  mobvious-rails
  mysql2
  rack-protection
  rack-ssl
  rails (= 3.2.14)
  rinku
  rspec-rails
  sanitize
  sass-rails (~> 3.2.3)
  spork
  therubyracer
  thin
  turbo-sprockets-rails3
  twitter!
  uglifier (>= 1.0.3)
  whenever
  yajl-ruby
